PATH
  remote: ../marginalia-opencensus
  specs:
    marginalia-opencensus (0.1.0)
      actionpack (>= 5.2.0)
      activerecord (>= 5.2.0)
      marginalia (>= 1.8.0, < 2)
      opencensus (~> 0.4.0)

PATH
  remote: ../marginalia
  specs:
    marginalia (1.8.0)
      actionpack (>= 2.3)
      activerecord (>= 2.3)

PATH
  remote: ../sqlcommenter_rails
  specs:
    sqlcommenter_rails (0.1.0)
      actionpack (>= 5.2.0)
      activerecord (>= 5.2.0)
      marginalia (>= 1.8.0, < 2)
      marginalia-opencensus (~> 0.1.0)

GEM
  remote: https://rubygems.org/
  specs:
    actionpack (6.0.0.rc1)
      actionview (= 6.0.0.rc1)
      activesupport (= 6.0.0.rc1)
      rack (~> 2.0)
      rack-test (>= 0.6.3)
      rails-dom-testing (~> 2.0)
      rails-html-sanitizer (~> 1.0, >= 1.0.2)
    actionview (6.0.0.rc1)
      activesupport (= 6.0.0.rc1)
      builder (~> 3.1)
      erubi (~> 1.4)
      rails-dom-testing (~> 2.0)
      rails-html-sanitizer (~> 1.0, >= 1.0.3)
    activemodel (6.0.0.rc1)
      activesupport (= 6.0.0.rc1)
    activerecord (6.0.0.rc1)
      activemodel (= 6.0.0.rc1)
      activesupport (= 6.0.0.rc1)
    activesupport (6.0.0.rc1)
      concurrent-ruby (~> 1.0, >= 1.0.2)
      i18n (>= 0.7, < 2)
      minitest (~> 5.1)
      tzinfo (~> 1.1)
      zeitwerk (~> 2.1, >= 2.1.4)
    builder (3.2.3)
    byebug (11.0.1)
    concurrent-ruby (1.1.5)
    crass (1.0.4)
    erubi (1.8.0)
    ffi (1.11.1)
    ffi (1.11.1-java)
    ffi (1.11.1-x64-mingw32)
    ffi (1.11.1-x86-mingw32)
    i18n (1.6.0)
      concurrent-ruby (~> 1.0)
    listen (3.1.5)
      rb-fsevent (~> 0.9, >= 0.9.4)
      rb-inotify (~> 0.9, >= 0.9.7)
      ruby_dep (~> 1.2)
    loofah (2.3.1)
      crass (~> 1.0.2)
      nokogiri (>= 1.5.9)
    method_source (0.9.2)
    mini_portile2 (2.4.0)
    minitest (5.11.3)
    nokogiri (1.10.8)
      mini_portile2 (~> 2.4.0)
    nokogiri (1.10.8-java)
    nokogiri (1.10.8-x64-mingw32)
      mini_portile2 (~> 2.4.0)
    nokogiri (1.10.8-x86-mingw32)
      mini_portile2 (~> 2.4.0)
    opencensus (0.4.0)
    puma (3.12.4)
    puma (3.12.4-java)
    rack (2.0.8)
    rack-test (1.1.0)
      rack (>= 1.0, < 3)
    rails-dom-testing (2.0.3)
      activesupport (>= 4.2.0)
      nokogiri (>= 1.10.8)
    rails-html-sanitizer (1.0.4)
      loofah (~> 2.2, >= 2.2.2)
    railties (6.0.0.rc1)
      actionpack (= 6.0.0.rc1)
      activesupport (= 6.0.0.rc1)
      method_source
      rake (>= 0.8.7)
      thor (>= 0.20.3, < 2.0)
    rake (12.3.3)
    rb-fsevent (0.10.3)
    rb-inotify (0.10.0)
      ffi (~> 1.0)
    ruby_dep (1.5.0)
    sqlite3 (1.4.1)
    thor (0.20.3)
    thread_safe (0.3.6)
    thread_safe (0.3.6-java)
    tzinfo (1.2.5)
      thread_safe (~> 0.1)
    tzinfo-data (1.2019.1)
      tzinfo (>= 1.0.0)
    zeitwerk (2.1.6)

PLATFORMS
  java
  ruby
  x64-mingw32
  x86-mingw32
  x86-mswin32

DEPENDENCIES
  actionpack (~> 6.0.0.rc1)
  activerecord (~> 6.0.0.rc1)
  bundler (>= 2.0.1)
  byebug
  listen (>= 3.0.5, < 3.2)
  marginalia!
  marginalia-opencensus!
  opencensus (~> 0.4.0)
  puma (>= 3.12.4)
  railties (~> 6.0.0.rc1)
  sqlcommenter_rails!
  sqlite3 (~> 1.4)
  tzinfo-data

BUNDLED WITH
   2.1.4
